GEM
  remote: http://rubygems.org/
  specs:
    builder (2.1.2)
    diff-lcs (1.1.2)
    gemcutter (0.6.1)
    gherkin (2.2.0)
      trollop (~> 1.16.2)
    git (1.2.5)
    jeweler (1.4.0)
      gemcutter (>= 0.1.0)
      git (>= 1.2.5)
      rubyforge (>= 2.0.0)
    json_pure (1.4.4)
    nokogiri (1.4.3.1)
    prawn (0.8.4)
      prawn-core (>= 0.8.4, < 0.9)
      prawn-layout (>= 0.8.4, < 0.9)
      prawn-security (>= 0.8.4, < 0.9)
    prawn-core (0.8.4)
    prawn-layout (0.8.4)
    prawn-security (0.8.4)
    rake (0.8.7)
    rspec (2.0.0.beta.19)
      rspec-core (= 2.0.0.beta.19)
      rspec-expectations (= 2.0.0.beta.19)
      rspec-mocks (= 2.0.0.beta.19)
    rspec-core (2.0.0.beta.19)
    rspec-expectations (2.0.0.beta.19)
      diff-lcs (>= 1.1.2)
    rspec-mocks (2.0.0.beta.19)
    rubyforge (2.0.4)
      json_pure (>= 1.1.7)
    spork (0.8.4)
    syntax (1.0.0)
    term-ansicolor (1.0.5)
    trollop (1.16.2)

PLATFORMS
  ruby

DEPENDENCIES
  builder (~> 2.1.2)
  diff-lcs (~> 1.1.2)
  gemcutter (>= 0.6.0)
  gherkin (>= 2.2.0)
  jeweler (>= 1.4.0)
  json_pure (~> 1.4.3)
  nokogiri (~> 1.4.2)
  prawn (= 0.8.4)
  prawn-layout (= 0.8.4)
  rake (>= 0.8.7)
  rspec (~> 2.0.0.beta.19)
  spork (~> 0.8.4)
  syntax (~> 1.0.0)
  term-ansicolor (~> 1.0.5)
